GEM
  remote: https://rubygems.org/
  specs:
    midilib (2.0.5)

PLATFORMS
  x86_64-darwin-21

DEPENDENCIES
  midilib

BUNDLED WITH
   2.3.4
